GEM
  remote: https://rubygems.org/
  specs:
    httparty (0.16.2)
      multi_xml (>= 0.5.2)
    multi_xml (0.6.0)
    serialport (1.3.1)

PLATFORMS
  ruby

DEPENDENCIES
  httparty
  serialport

BUNDLED WITH
   1.14.3
